PATH
  remote: .
  specs:
    portmidi (1.0.0.pre.beta.1)

GEM
  remote: https://rubygems.org/
  specs:

PLATFORMS
  ruby

DEPENDENCIES
  portmidi!

BUNDLED WITH
   1.16.0
